GEM
  remote: https://rubygems.org/
  specs:
    haml (4.0.5)
      tilt
    json (1.8.1)
    logger (1.2.8)
    mime-types (2.3)
    rack (1.5.2)
    rest-client (1.6.7)
      mime-types (>= 1.16)
    rufus-scheduler (3.0.8)
      tzinfo
    sinatra (1.1.0)
      rack (~> 1.1)
      tilt (~> 1.1)
    thread_safe (0.3.4)
    tilt (1.4.1)
    tzinfo (1.2.2)
      thread_safe (~> 0.1)

PLATFORMS
  ruby

DEPENDENCIES
  haml (= 4.0.5)
  json (= 1.8.1)
  logger (= 1.2.8)
  rest-client (= 1.6.7)
  rufus-scheduler (= 3.0.8)
  sinatra (= 1.1.0)
